GEM
  remote: http://rubygems.org/
  specs:
    columnize (0.3.1)
    gemcutter (0.6.1)
    git (1.2.5)
    highline (1.5.0)
    jeweler (1.4.0)
      gemcutter (>= 0.1.0)
      git (>= 1.2.5)
      rubyforge (>= 2.0.0)
    json_pure (1.4.6)
    linecache (0.43)
    rspec (1.3.1)
    ruby-debug (0.10.3)
      columnize (>= 0.1)
      ruby-debug-base (~> 0.10.3.0)
    ruby-debug-base (0.10.3)
      linecache (>= 0.3)
    rubyforge (2.0.4)
      json_pure (>= 1.1.7)

PLATFORMS
  ruby

DEPENDENCIES
  highline (= 1.5.0)
  jeweler (= 1.4.0)
  rspec (= 1.3.1)
  ruby-debug
